PATH
  remote: .
  specs:
    datagaze (0.0.1)
      rake

GEM
  remote: https://rubygems.org/
  specs:
    coderay (1.1.3)
    method_source (1.0.0)
    pry (0.14.1)
      coderay (~> 1.1)
      method_source (~> 1.0)
    rake (13.0.6)

PLATFORMS
  x86_64-darwin-19

DEPENDENCIES
  datagaze!
  pry

BUNDLED WITH
   2.2.27
